GEM
  remote: https://rubygems.org/
  specs:
    byebug (11.1.3)
    rake (13.0.6)

PLATFORMS
  ruby

DEPENDENCIES
  byebug (~> 11.1, >= 11.1.3)
  rake (~> 13.0, >= 13.0.6)

RUBY VERSION
   ruby 2.7.2p137

BUNDLED WITH
   2.1.4
